GEM
  remote: https://rubygems.org/
  specs:
    faker (1.4.3)
      i18n (~> 0.5)
    google-search (1.0.3)
      json
    i18n (0.7.0)
    json (1.5.5)
    marky_markov (0.3.5)
      msgpack
    msgpack (0.5.11)

PLATFORMS
  ruby

DEPENDENCIES
  faker
  google-search
  marky_markov
